GEM
  remote: https://rubygems.org/
  specs:
    awesome_print (1.8.0)
    aws_sdk (3.1.5)
    elasticsearch (1.1.3)
      elasticsearch-api (= 1.1.3)
      elasticsearch-transport (= 1.1.3)
    elasticsearch-api (1.1.3)
      multi_json
    elasticsearch-transport (1.1.3)
      faraday
      multi_json
    faraday (0.13.1)
      multipart-post (>= 1.2, < 3)
    logger (1.2.8)
    multi_json (1.12.2)
    multipart-post (2.0.0)
    rake (12.2.1)

PLATFORMS
  java

DEPENDENCIES
  awesome_print (>= 1.8.0)
  aws_sdk (>= 2.0)
  elasticsearch (< 2.0.0)
  logger (>= 1.2.8)
  rake (>= 10.4.2)

BUNDLED WITH
   1.15.4
